PATH
  remote: .
  specs:
    fable (0.5.0)

GEM
  remote: https://rubygems.org/
  specs:
    byebug (11.1.1)
    highline (2.0.3)
    minitest (5.14.0)
    minitest-line (0.6.5)
      minitest (~> 5.0)
    pretty-diffs (1.0.2)
    rake (12.3.3)

PLATFORMS
  ruby

DEPENDENCIES
  byebug
  fable!
  highline
  minitest (~> 5.0)
  minitest-line
  pretty-diffs
  rake (~> 12.0)

BUNDLED WITH
   2.1.4
